GEM
  remote: https://rubygems.org/
  specs:
    coderay (1.0.9)
    method_source (0.8.2)
    mini_portile (0.5.2)
    nokogiri (1.6.0)
      mini_portile (~> 0.5.0)
    pry (0.9.12.2)
      coderay (~> 1.0.5)
      method_source (~> 0.8)
      slop (~> 3.4)
    rake (10.1.0)
    slop (3.4.6)

PLATFORMS
  ruby

DEPENDENCIES
  nokogiri
  pry
  rake
